PATH
  remote: .
  specs:
    minirails (0.0.1)
      byebug
      rack

GEM
  remote: https://rubygems.org/
  specs:
    byebug (11.0.1)
    diff-lcs (1.3)
    power_assert (1.1.5)
    rack (2.0.8)
    rack-test (1.1.0)
      rack (>= 1.0, < 3)
    rake (10.5.0)
    rspec (3.9.0)
      rspec-core (~> 3.9.0)
      rspec-expectations (~> 3.9.0)
      rspec-mocks (~> 3.9.0)
    rspec-core (3.9.0)
      rspec-support (~> 3.9.0)
    rspec-expectations (3.9.0)
      diff-lcs (>= 1.2.0, < 2.0)
      rspec-support (~> 3.9.0)
    rspec-mocks (3.9.0)
      diff-lcs (>= 1.2.0, < 2.0)
      rspec-support (~> 3.9.0)
    rspec-support (3.9.0)
    test-unit (3.3.4)
      power_assert

PLATFORMS
  ruby

DEPENDENCIES
  bundler (~> 2.0)
  minirails!
  rack-test
  rake (~> 10.0)
  rspec (~> 3.0)
  test-unit

BUNDLED WITH
   2.0.2
